GEM
  remote: https://rubygems.org/
  specs:
    attr_extras (6.2.4)
    coderay (1.1.3)
    method_source (1.0.0)
    pry (0.13.1)
      coderay (~> 1.1)
      method_source (~> 1.0)

PLATFORMS
  ruby

DEPENDENCIES
  attr_extras
  pry

BUNDLED WITH
   1.17.2
